GEM
  remote: https://rubygems.org/
  specs:
    algorithms (1.0.1)
    base64 (0.2.0)
    byebug (11.1.3)
    clipboard (1.3.6)
    colorize (1.1.0)
    dotenv (2.8.1)
    faraday (2.7.12)
      base64
      faraday-net_http (>= 2.0, < 3.1)
      ruby2_keywords (>= 0.0.4)
    faraday-net_http (3.0.2)
    ffi (1.16.3)
    ruby2_keywords (0.0.5)
    z3 (0.0.20230311)
      ffi (~> 1.9)

PLATFORMS
  ruby

DEPENDENCIES
  algorithms
  byebug
  clipboard
  colorize
  dotenv
  faraday
  z3

BUNDLED WITH
   2.3.26
